GIT
  remote: git://github.com/jumph4x/canonical-rails.git
  revision: 7c8e44e048faa23de107be7250336a3585e32247
  specs:
    canonical-rails (0.0.7)
      rails (>= 3.1, < 5.0)

GEM
  remote: https://rubygems.org/
  specs:
    actionmailer (4.1.0)
      actionpack (= 4.1.0)
      actionview (= 4.1.0)
      mail (~> 2.5.4)
    actionpack (4.1.0)
      actionview (= 4.1.0)
      activesupport (= 4.1.0)
      rack (~> 1.5.2)
      rack-test (~> 0.6.2)
    actionview (4.1.0)
      activesupport (= 4.1.0)
      builder (~> 3.1)
      erubis (~> 2.7.0)
    activemodel (4.1.0)
      activesupport (= 4.1.0)
      builder (~> 3.1)
    activerecord (4.1.0)
      activemodel (= 4.1.0)
      activesupport (= 4.1.0)
      arel (~> 5.0.0)
    activesupport (4.1.0)
      i18n (~> 0.6, >= 0.6.9)
      json (~> 1.7, >= 1.7.7)
      minitest (~> 5.1)
      thread_safe (~> 0.1)
      tzinfo (~> 1.1)
    addressable (2.8.0)
      public_suffix (>= 2.0.2, < 5.0)
    arel (5.0.1.20140414130214)
    auto_strip_attributes (2.0.4)
      activerecord (>= 3.0)
    bcrypt (3.1.7)
    bcrypt-ruby (3.1.5)
      bcrypt (>= 3.1.3)
    better_errors (1.0.1)
      coderay (>= 1.0.0)
      erubis (>= 2.6.6)
    builder (3.2.2)
    cancancan (1.9.2)
    coderay (1.0.9)
    coffee-rails (4.0.1)
      coffee-script (>= 2.2.0)
      railties (>= 4.0.0, < 5.0)
    coffee-script (2.2.0)
      coffee-script-source
      execjs
    coffee-script-source (1.7.0)
    diff-lcs (1.2.5)
    dotenv (0.9.0)
    erubis (2.7.0)
    ethon (0.7.0)
      ffi (>= 1.3.0)
    execjs (2.0.2)
    ffi (1.9.3)
    figaro (1.0.0)
      thor (~> 0.14)
    font-awesome-rails (4.0.3.1)
      railties (>= 3.2, < 5.0)
    foreman (0.63.0)
      dotenv (>= 0.7)
      thor (>= 0.13.6)
    hike (1.2.3)
    htmlentities (4.3.1)
    i18n (0.6.9)
    jquery-rails (3.1.0)
      railties (>= 3.0, < 5.0)
      thor (>= 0.14, < 2.0)
    jquery-ui-rails (4.0.3)
      jquery-rails
      railties (>= 3.1.0)
    json (1.8.1)
    kgio (2.9.2)
    mail (2.5.4)
      mime-types (~> 1.16)
      treetop (~> 1.4.8)
    method_source (0.8.2)
    mime-types (1.25.1)
    mini_portile (0.5.3)
    minitest (5.3.3)
    multi_json (1.9.2)
    newrelic_rpm (3.6.7.152)
    nokogiri (1.6.1)
      mini_portile (~> 0.5.0)
    pg (0.17.1)
    polyglot (0.3.4)
    pry (0.9.12.6)
      coderay (~> 1.0)
      method_source (~> 0.8)
      slop (~> 3.4)
    public_suffix (3.1.1)
    rack (1.5.2)
    rack-test (0.6.2)
      rack (>= 1.0)
    rack-timeout (0.0.4)
    rails (4.1.0)
      actionmailer (= 4.1.0)
      actionpack (= 4.1.0)
      actionview (= 4.1.0)
      activemodel (= 4.1.0)
      activerecord (= 4.1.0)
      activesupport (= 4.1.0)
      bundler (>= 1.3.0, < 2.0)
      railties (= 4.1.0)
      sprockets-rails (~> 2.0)
    rails_12factor (0.0.2)
      rails_serve_static_assets
      rails_stdout_logging
    rails_serve_static_assets (0.0.1)
    rails_stdout_logging (0.0.3)
    railties (4.1.0)
      actionpack (= 4.1.0)
      activesupport (= 4.1.0)
      rake (>= 0.8.7)
      thor (>= 0.18.1, < 2.0)
    raindrops (0.13.0)
    rake (10.2.2)
    roboto (0.2.0)
      actionpack (>= 3.0.0)
      rails (>= 3.1.0)
    rspec-collection_matchers (0.0.3)
      rspec-expectations (>= 2.99.0.beta1)
    rspec-core (3.0.0.beta2)
      rspec-support (= 3.0.0.beta2)
    rspec-expectations (3.0.0.beta2)
      diff-lcs (>= 1.2.0, < 2.0)
      rspec-support (= 3.0.0.beta2)
    rspec-mocks (3.0.0.beta2)
      rspec-support (= 3.0.0.beta2)
    rspec-rails (3.0.0.beta2)
      actionpack (>= 3.0)
      activemodel (>= 3.0)
      activesupport (>= 3.0)
      railties (>= 3.0)
      rspec-collection_matchers
      rspec-core (= 3.0.0.beta2)
      rspec-expectations (= 3.0.0.beta2)
      rspec-mocks (= 3.0.0.beta2)
      rspec-support (= 3.0.0.beta2)
    rspec-support (3.0.0.beta2)
    sass (3.2.18)
    sass-rails (4.0.2)
      railties (>= 4.0.0, < 5.0)
      sass (~> 3.2.0)
      sprockets (~> 2.8, <= 2.11.0)
      sprockets-rails (~> 2.0.0)
    sitemap (0.3.3)
    slop (3.6.0)
    smarter_csv (1.0.10)
    spring (1.1.2)
    sprockets (2.11.0)
      hike (~> 1.2)
      multi_json (~> 1.0)
      rack (~> 1.0)
      tilt (~> 1.1, != 1.3.0)
    sprockets-rails (2.0.1)
      actionpack (>= 3.0)
      activesupport (>= 3.0)
      sprockets (~> 2.8)
    thor (0.19.1)
    thread_safe (0.3.3)
    tilt (1.4.1)
    treetop (1.4.15)
      polyglot
      polyglot (>= 0.3.1)
    typhoeus (0.6.8)
      ethon (>= 0.7.0)
    tzinfo (1.1.0)
      thread_safe (~> 0.1)
    uglifier (2.5.0)
      execjs (>= 0.3.0)
      json (>= 1.8.0)
    unicorn (4.8.2)
      kgio (~> 2.6)
      rack
      raindrops (~> 0.7)
    wordnik (4.12)
      activemodel (>= 3.0.3)
      addressable (>= 2.2.4)
      htmlentities (>= 4.2.4)
      json (>= 1.4.6)
      nokogiri (>= 1.4.4)
      typhoeus (>= 0.2.1)

PLATFORMS
  ruby

DEPENDENCIES
  auto_strip_attributes (~> 2.0)
  bcrypt-ruby (~> 3.1.5)
  better_errors
  cancancan (~> 1.9)
  canonical-rails!
  coffee-rails (~> 4.0.0)
  figaro (~> 1.0.0)
  font-awesome-rails (~> 4.0)
  foreman
  jquery-rails
  jquery-ui-rails (~> 4.0)
  newrelic_rpm
  pg
  pry
  rack-timeout
  rails (= 4.1.0)
  rails_12factor
  rails_serve_static_assets
  roboto (~> 0.2.0)
  rspec-rails (~> 3.0.0.beta)
  sass-rails (~> 4.0.2)
  sitemap (~> 0.3.3)
  smarter_csv
  spring
  uglifier (>= 1.3.0)
  unicorn
  wordnik
